GIT
  remote: git://github.com/josevalim/inherited_resources.git
  revision: 5d988cfcfa632cc9c67fff4cb100594ea683482a
  ref: 5d988cfcfa632cc9c67fff4cb100594ea683482a
  specs:
    inherited_resources (1.2.1)
      has_scope (~> 0.5.0)
      responders (~> 0.6.0)

GIT
  remote: git://github.com/scleveland/chronic.git
  revision: 837f2a41f7aa27f22309763be245a90626072ead
  specs:
    aaronh-chronic (0.3.9)

GIT
  remote: git://github.com/yogo/dm-is-versioned.git
  revision: 53acfa5faa34249b080acc398e0c865dd3d9ec1a
  ref: 53acfa5faa34249b080acc398e0c865dd3d9ec1a
  branch: voeis/patches
  specs:
    dm-is-versioned (1.1.0)
      dm-core (~> 1.1.0)

GIT
  remote: git://github.com/yogo/dm-rest-adapter.git
  revision: bcfa6031a9c8a93051e691fc4520f149bf35572e
  specs:
    dm-rest-adapter (1.1.0)
      dm-serializer (~> 1.1.0)

GIT
  remote: git://github.com/yogo/rql-ruby.git
  revision: cda958811e8d9465a4aaca0973bdde202f05401a
  branch: voeis-rql
  specs:
    rql (0.0.1)
      execjs (~> 0.1.1)

GIT
  remote: git://github.com/yogo/yogo-project.git
  revision: 017e35eeb8c23b1e7ef6ffb2c159a6bf6e27554b
  specs:
    yogo-project (0.5.1)
      carrierwave
      configatron
      data_mapper (= 1.1.0)
      dm-is-remixable
      dm-postgres-adapter
      dm-sqlite-adapter
      facets
      yogo-operation
      yogo-project

GEM
  remote: http://rubygems.org/
  specs:
    abstract (1.0.0)
    actionmailer (3.0.5)
      actionpack (= 3.0.5)
      mail (~> 2.2.15)
    actionpack (3.0.5)
      activemodel (= 3.0.5)
      activesupport (= 3.0.5)
      builder (~> 2.1.2)
      erubis (~> 2.6.6)
      i18n (~> 0.4)
      rack (~> 1.2.1)
      rack-mount (~> 0.6.13)
      rack-test (~> 0.5.7)
      tzinfo (~> 0.3.23)
    activemodel (3.0.5)
      activesupport (= 3.0.5)
      builder (~> 2.1.2)
      i18n (~> 0.4)
    activerecord (3.0.5)
      activemodel (= 3.0.5)
      activesupport (= 3.0.5)
      arel (~> 2.0.2)
      tzinfo (~> 0.3.23)
    activeresource (3.0.5)
      activemodel (= 3.0.5)
      activesupport (= 3.0.5)
    activesupport (3.0.5)
    addressable (2.2.6)
    apotomo (1.1.1)
      cells (~> 3.5.6)
      hooks (~> 0.1.3)
      onfire (~> 0.2.0)
      rails (~> 3.0)
    archive-tar-minitar (0.5.2)
    arel (2.0.10)
    backports (2.2.1)
    bcrypt-ruby (2.1.4)
    bcrypt-ruby (2.1.4-java)
    builder (2.1.2)
    capistrano (2.6.0)
      highline
      net-scp (>= 1.0.0)
      net-sftp (>= 2.0.0)
      net-ssh (>= 2.0.14)
      net-ssh-gateway (>= 1.1.0)
    capistrano-unicorn (0.1.9)
      capistrano
    carrierwave (0.5.4)
      activesupport (~> 3.0)
    cells (3.5.6)
      actionpack (~> 3.0.0)
      railties (~> 3.0.0)
    choice (0.1.5)
    chunky_png (1.2.0)
    columnize (0.3.2)
    compass (0.11.1)
      chunky_png (~> 1.1)
      fssm (>= 0.2.7)
      sass (~> 3.1)
    configatron (2.8.0)
      yamler (>= 0.1.0)
    data_mapper (1.1.0)
      dm-aggregates (= 1.1.0)
      dm-constraints (= 1.1.0)
      dm-core (= 1.1.0)
      dm-migrations (= 1.1.0)
      dm-serializer (= 1.1.0)
      dm-timestamps (= 1.1.0)
      dm-transactions (= 1.1.0)
      dm-types (= 1.1.0)
      dm-validations (= 1.1.0)
    data_objects (0.10.6)
      addressable (~> 2.1)
    dataflow (0.3.1)
    diff-lcs (1.1.2)
    dm-active_model (1.1.0)
      activemodel (~> 3.0.4)
      dm-core (~> 1.1.0)
    dm-adjust (1.1.0)
      dm-core (~> 1.1.0)
    dm-aggregates (1.1.0)
      dm-core (~> 1.1.0)
    dm-constraints (1.1.0)
      dm-core (~> 1.1.0)
    dm-core (1.1.0)
      addressable (~> 2.2.4)
    dm-do-adapter (1.1.0)
      data_objects (~> 0.10.2)
      dm-core (~> 1.1.0)
    dm-is-list (1.1.0)
      dm-adjust (~> 1.1.0)
    dm-is-remixable (1.1.0)
      dm-core (~> 1.1.0)
    dm-migrations (1.1.0)
      dm-core (~> 1.1.0)
    dm-postgres-adapter (1.1.0)
      dm-do-adapter (~> 1.1.0)
      do_postgres (~> 0.10.2)
    dm-rails (1.1.0)
      actionpack (~> 3.0.4)
      dm-active_model (~> 1.1.0)
      dm-core (~> 1.1.0)
      railties (~> 3.0.4)
    dm-serializer (1.1.0)
      dm-core (~> 1.1.0)
      fastercsv (~> 1.5.4)
      json (~> 1.4.6)
    dm-sqlite-adapter (1.1.0)
      dm-do-adapter (~> 1.1.0)
      do_sqlite3 (~> 0.10.2)
    dm-timestamps (1.1.0)
      dm-core (~> 1.1.0)
    dm-transactions (1.1.0)
      dm-core (~> 1.1.0)
    dm-types (1.1.0)
      bcrypt-ruby (~> 2.1.4)
      dm-core (~> 1.1.0)
      fastercsv (~> 1.5.4)
      json (~> 1.4.6)
      stringex (~> 1.2.0)
      uuidtools (~> 2.1.2)
    dm-validations (1.1.0)
      dm-core (~> 1.1.0)
    dm-visualizer (0.2.1)
      dm-core (>= 1.0.0)
      ruby-graphviz (>= 0.9.10)
    do_jdbc (0.10.6-java)
      data_objects (= 0.10.6)
    do_postgres (0.10.6)
      data_objects (= 0.10.6)
    do_postgres (0.10.6-java)
      data_objects (= 0.10.6)
      do_jdbc (= 0.10.6)
      jdbc-postgres (>= 8.2)
    do_sqlite3 (0.10.6)
      data_objects (= 0.10.6)
    do_sqlite3 (0.10.6-java)
      data_objects (= 0.10.6)
      do_jdbc (= 0.10.6)
      jdbc-sqlite3 (>= 3.5.8)
    erubis (2.6.6)
      abstract (>= 1.0.0)
    exception_notification (2.4.0)
    execjs (0.1.1)
    facets (2.9.1)
    faraday (0.7.6)
      addressable (~> 2.2)
      multipart-post (~> 1.1)
      rack (~> 1.1)
    fastercsv (1.5.4)
    fssm (0.2.7)
    geonames (0.2.2)
    git (1.2.5)
    google-spreadsheet-ruby (0.1.8)
      nokogiri (>= 1.4.3.1)
      oauth (>= 0.3.6)
      oauth2 (>= 0.5.0)
    haml (3.1.1)
    has_scope (0.5.0)
    highline (1.6.2)
    hoe (2.9.4)
      rake (>= 0.8.7)
    hooks (0.1.4)
    i18n (0.4.2)
    jdbc-postgres (9.1.901)
    jdbc-sqlite3 (3.7.2)
    jeweler (1.6.2)
      bundler (~> 1.0)
      git (>= 1.2.5)
      rake
    jquery-rails (1.0.9)
      railties (~> 3.0)
      thor (~> 0.14)
    json (1.4.6)
    json (1.4.6-java)
    linecache19 (0.5.12)
      ruby_core_source (>= 0.1.4)
    log4r (1.1.10)
    mail (2.2.19)
      activesupport (>= 2.3.6)
      i18n (>= 0.4.0)
      mime-types (~> 1.16)
      treetop (~> 1.4.8)
    mime-types (1.16)
    monkey-lib (0.5.4)
      backports
    multi_json (1.1.0)
    multipart-post (1.1.5)
    net-scp (1.0.4)
      net-ssh (>= 1.99.1)
    net-sftp (2.0.5)
      net-ssh (>= 2.0.9)
    net-ssh (2.1.4)
    net-ssh-gateway (1.1.0)
      net-ssh (>= 1.99.1)
    nokogiri (1.5.2)
    nokogiri (1.5.2-java)
    oauth (0.4.5)
    oauth2 (0.5.2)
      faraday (~> 0.7)
      multi_json (~> 1.0)
    onfire (0.2.0)
    polyglot (0.3.1)
    rack (1.2.3)
    rack-mount (0.6.14)
      rack (>= 1.0.0)
    rack-test (0.5.7)
      rack (>= 1.0)
    racksh (0.9.8)
      rack (>= 1.0)
      rack-test (>= 0.5)
    rails (3.0.5)
      actionmailer (= 3.0.5)
      actionpack (= 3.0.5)
      activerecord (= 3.0.5)
      activeresource (= 3.0.5)
      activesupport (= 3.0.5)
      bundler (~> 1.0)
      railties (= 3.0.5)
    rails_warden (0.5.2)
      warden
    railties (3.0.5)
      actionpack (= 3.0.5)
      activesupport (= 3.0.5)
      rake (>= 0.8.7)
      thor (~> 0.14.4)
    rake (0.9.1)
    redis (3.0.1)
    redis-namespace (1.2.1)
      redis (~> 3.0.0)
    responders (0.6.4)
    resque (1.21.0)
      multi_json (~> 1.0)
      redis-namespace (~> 1.0)
      sinatra (>= 0.9.2)
      vegas (~> 0.1.2)
    roo (1.10.1)
      choice (>= 0.1.4)
      google-spreadsheet-ruby (>= 0.1.5)
      nokogiri (>= 1.5.0)
      rubyzip (>= 0.9.4)
      spreadsheet (> 0.6.4)
      todonotes (>= 0.1.0)
    rserve-client (0.3.0)
    rserve-simpler (0.0.6)
      rserve-client (~> 0.3.0)
    rspec (2.2.0)
      rspec-core (~> 2.2)
      rspec-expectations (~> 2.2)
      rspec-mocks (~> 2.2)
    rspec-core (2.6.3)
    rspec-expectations (2.6.0)
      diff-lcs (~> 1.1.2)
    rspec-mocks (2.4.0)
    rspec-rails (2.2.1)
      actionpack (~> 3.0)
      activesupport (~> 3.0)
      railties (~> 3.0)
      rspec (~> 2.2.0)
    ruby-debug-base19 (0.11.25)
      columnize (>= 0.3.1)
      linecache19 (>= 0.5.11)
      ruby_core_source (>= 0.1.4)
    ruby-debug19 (0.11.6)
      columnize (>= 0.3.1)
      linecache19 (>= 0.5.11)
      ruby-debug-base19 (>= 0.11.19)
    ruby-graphviz (1.0.0)
    ruby-ole (1.2.11.3)
    ruby_core_source (0.1.5)
      archive-tar-minitar (>= 0.5.2)
    rubyzip (0.9.6.1)
    sass (3.1.2)
    sinatra (1.2.6)
      rack (~> 1.1)
      tilt (>= 1.2.2, < 2.0)
    sinatra-advanced-routes (0.5.1)
      monkey-lib (~> 0.5.0)
      sinatra (~> 1.0)
      sinatra-sugar (~> 0.5.0)
    sinatra-reloader (0.5.0)
      sinatra (~> 1.0)
      sinatra-advanced-routes (~> 0.5.0)
    sinatra-sugar (0.5.1)
      monkey-lib (~> 0.5.0)
      sinatra (~> 1.0)
    spreadsheet (0.6.8)
      ruby-ole (>= 1.0)
    stringex (1.2.1)
    test-unit (1.2.3)
      hoe (>= 1.5.1)
    therubyracer (0.8.2)
    therubyrhino (2.0.1)
      therubyrhino_jar (>= 1.7.3)
    therubyrhino_jar (1.7.4)
    thor (0.14.6)
    tilt (1.3.2)
    todonotes (0.1.0)
      log4r
    treetop (1.4.9)
      polyglot (>= 0.3.1)
    tzinfo (0.3.27)
    uuidtools (2.1.2)
    vegas (0.1.11)
      rack (>= 1.0.0)
    warden (1.0.4)
      rack (>= 1.0)
    yamler (0.1.0)
    yard (0.6.3)
    yardstick (0.2.0)
      yard (~> 0.6.1)
    yogo-framework (0.4.0)
      data_mapper
      dm-is-list
      dm-is-versioned
      dm-rest-adapter
      jeweler
      racksh
      rake
      sinatra-reloader
      yard
    yogo-operation (0.1.2)
      dataflow
      yogo-support (~> 0.1.0)
    yogo-support (0.1.1)

PLATFORMS
  java
  ruby

DEPENDENCIES
  aaronh-chronic!
  activerecord
  apotomo (~> 1.1)
  capistrano
  capistrano-unicorn
  cells (~> 3.5.4)
  compass (>= 0.10.6)
  dm-aggregates (= 1.1.0)
  dm-is-list (= 1.1.0)
  dm-is-versioned!
  dm-migrations (= 1.1.0)
  dm-rails (= 1.1.0)
  dm-rest-adapter!
  dm-timestamps
  dm-transactions (= 1.1.0)
  dm-types (= 1.1.0)
  dm-validations
  dm-visualizer
  exception_notification
  fastercsv
  geonames
  haml
  i18n (~> 0.4.0)
  inherited_resources!
  jquery-rails
  mime-types
  nokogiri
  rails
  rails_warden (= 0.5.2)
  rake
  responders (~> 0.6.2)
  resque
  roo
  rql (>= 0.0.1)!
  rserve-simpler
  rspec
  rspec-core
  rspec-expectations
  rspec-mocks
  rspec-rails
  ruby-debug19
  test-unit (~> 1.2.1)
  therubyracer
  therubyrhino
  uuidtools
  yard (= 0.6.3)
  yardstick
  yogo-framework
  yogo-project!
